PATH
  remote: .
  specs:
    keygen_client (0.1.0)
      httparty
      minitest (~> 5)
      rake

GEM
  remote: https://rubygems.org/
  specs:
    bigdecimal (3.1.9)
    csv (3.3.2)
    httparty (0.22.0)
      csv
      mini_mime (>= 1.0.0)
      multi_xml (>= 0.5.2)
    mini_mime (1.1.5)
    minitest (5.25.4)
    multi_xml (0.7.1)
      bigdecimal (~> 3.1)
    rake (13.2.1)

PLATFORMS
  ruby
  x86_64-linux-gnu

DEPENDENCIES
  httparty
  keygen_client!
  minitest (~> 5.16)
  rake (~> 13.0)

BUNDLED WITH
   2.5.22
